GEM
  remote: https://rubygems.org/
  specs:
    ansi (1.5.0)
    ast (2.3.0)
    colorize (0.8.1)
    erubis (2.7.0)
    json (2.0.3)
    oga (2.8)
      ast
      ruby-ll (~> 2.1)
    ruby-ll (2.1.2)
      ansi
      ast

PLATFORMS
  ruby

DEPENDENCIES
  colorize (= 0.8.1)
  erubis (= 2.7.0)
  json (= 2.0.3)
  oga (= 2.8)

BUNDLED WITH
   1.13.6
